GEM
  remote: https://rubygems.org/
  specs:
    RedCloth (4.2.9)
    RedCloth (4.2.9-x86-mingw32)
    albino (1.3.3)
      posix-spawn (>= 0.3.6)
    chunky_png (1.3.1)
    classifier (1.3.4)
      fast-stemmer (>= 1.0.0)
    coderay (1.1.0)
    compass (0.12.6)
      chunky_png (~> 1.2)
      fssm (>= 0.2.7)
      sass (~> 3.2.19)
    directory_watcher (1.5.1)
    fast-stemmer (1.0.2)
    fssm (0.2.10)
    haml (3.1.8)
    jekyll (0.11.2)
      albino (~> 1.3)
      classifier (~> 1.3)
      directory_watcher (~> 1.1)
      kramdown (~> 0.13)
      liquid (~> 2.3)
      maruku (~> 0.5)
    kramdown (0.14.2)
    liquid (2.3.0)
    maruku (0.7.2)
    posix-spawn (0.3.8)
    pygments.rb (2.2.0)
    rack (1.5.2)
    rack-protection (1.5.3)
      rack
    rake (13.0.6)
    rb-fsevent (0.9.4)
    rdiscount (2.2.0.2)
    rubypants (0.2.0)
    sass (3.2.19)
    sass-globbing (1.0.0)
      sass (>= 3.1)
    sinatra (1.4.5)
      rack (~> 1.4)
      rack-protection (~> 1.4)
      tilt (~> 1.3, >= 1.3.4)
    stringex (1.4.0)
    tilt (1.4.1)

PLATFORMS
  ruby
  x86-mingw32

DEPENDENCIES
  RedCloth (~> 4.2.9)
  coderay
  compass (~> 0.12.2)
  haml (~> 3.1.7)
  jekyll (~> 0.11.2)
  kramdown
  liquid (~> 2.3.0)
  pygments.rb (~> 2.2.0)
  rake (~> 13.0.6)
  rb-fsevent (~> 0.9)
  rdiscount (~> 2.2.0.2)
  rubypants (~> 0.2.0)
  sass (~> 3.2)
  sass-globbing (~> 1.0.0)
  sinatra (~> 1.4.2)
  stringex (~> 1.4.0)

BUNDLED WITH
   2.2.29
